STORAGE: NONE
RESTRICTION: == net50
NUGET
  remote: https://api.nuget.org/v3/index.json
    canopy (2.1.5)
      FSharp.Core (>= 4.7)
      Selenium.WebDriver (>= 3.141)
      System.Drawing.Common (>= 4.6)
    FSharp.Core (5.0)
    Microsoft.NETCore.Platforms (5.0)
    Microsoft.Win32.SystemEvents (5.0)
      Microsoft.NETCore.Platforms (>= 5.0)
    Newtonsoft.Json (12.0.3)
    Selenium.WebDriver (3.141)
      Newtonsoft.Json (>= 10.0.3)
    Selenium.WebDriver.ChromeDriver (87.0.4280.8800)
    System.Drawing.Common (5.0)
      Microsoft.Win32.SystemEvents (>= 5.0)
    TickSpec (2.0)
      FSharp.Core (>= 4.3.4)
